GEM
  remote: https://rubygems.org/
  specs:
    ast (2.4.0)
    daemons (1.2.6)
    diff-lcs (1.3)
    eventmachine (1.2.7)
    jaro_winkler (1.5.1)
    mustermann (1.1.1)
      ruby2_keywords (~> 0.0.1)
    parallel (1.12.1)
    parser (2.5.3.0)
      ast (~> 2.4.0)
    powerpack (0.1.2)
    rack (2.2.3)
    rack-protection (2.2.0)
      rack
    rainbow (3.0.0)
    rake (12.3.3)
    rspec (3.8.0)
      rspec-core (~> 3.8.0)
      rspec-expectations (~> 3.8.0)
      rspec-mocks (~> 3.8.0)
    rspec-core (3.8.0)
      rspec-support (~> 3.8.0)
    rspec-expectations (3.8.2)
      diff-lcs (>= 1.2.0, < 2.0)
      rspec-support (~> 3.8.0)
    rspec-mocks (3.8.0)
      diff-lcs (>= 1.2.0, < 2.0)
      rspec-support (~> 3.8.0)
    rspec-support (3.8.0)
    rubocop (0.60.0)
      jaro_winkler (~> 1.5.1)
      parallel (~> 1.10)
      parser (>= 2.5, != 2.5.1.1)
      powerpack (~> 0.1)
      rainbow (>= 2.2.2, < 4.0)
      ruby-progressbar (~> 1.7)
      unicode-display_width (~> 1.4.0)
    rubocop-github (0.12.0)
      rubocop (~> 0.59)
    ruby-progressbar (1.10.0)
    ruby2_keywords (0.0.5)
    sinatra (2.2.0)
      mustermann (~> 1.0)
      rack (~> 2.2)
      rack-protection (= 2.2.0)
      tilt (~> 2.0)
    slim (4.0.1)
      temple (>= 0.7.6, < 0.9)
      tilt (>= 2.0.6, < 2.1)
    temple (0.8.0)
    thin (1.7.2)
      daemons (~> 1.0, >= 1.0.9)
      eventmachine (~> 1.0, >= 1.0.4)
      rack (>= 1, < 3)
    tilt (2.0.10)
    unicode-display_width (1.4.0)

PLATFORMS
  ruby

DEPENDENCIES
  rake
  rspec (~> 3.0)
  rubocop
  rubocop-github
  sinatra (~> 2.2.0)
  slim
  thin

RUBY VERSION
   ruby 2.5.1p57

BUNDLED WITH
   1.17.1
